GEM
  remote: https://rubygems.org/
  specs:
    activesupport (4.2.7.1)
      i18n (~> 0.7)
      json (~> 1.7, >= 1.7.7)
      minitest (~> 5.1)
      thread_safe (~> 0.3, >= 0.3.4)
      tzinfo (~> 1.1)
    addressable (2.4.0)
    autoprefixer-rails (6.4.1.1)
      execjs
    backports (3.6.8)
    bourbon (4.2.7)
      sass (~> 3.4)
      thor (~> 0.19)
    builder (3.2.2)
    childprocess (0.5.9)
      ffi (~> 1.0, >= 1.0.11)
    coffee-script (2.4.1)
      coffee-script-source
      execjs
    coffee-script-source (1.10.0)
    compass-import-once (1.0.5)
      sass (>= 3.2, < 3.5)
    concurrent-ruby (1.0.2)
    contracts (0.13.0)
    dotenv (2.1.1)
    em-websocket (0.5.1)
      eventmachine (>= 0.12.9)
      http_parser.rb (~> 0.6.0)
    erubis (2.7.0)
    eventmachine (1.2.0.1)
    execjs (2.7.0)
    exifr (1.2.5)
    fast_blank (1.0.0)
    fastimage (2.0.0)
      addressable (~> 2)
    ffi (1.9.14)
    fspath (3.0.1)
    haml (4.0.7)
      tilt
    hamster (3.0.0)
      concurrent-ruby (~> 1.0)
    hashie (3.4.6)
    http_parser.rb (0.6.0)
    i18n (0.7.0)
    image_optim (0.24.0)
      exifr (~> 1.2, >= 1.2.2)
      fspath (~> 3.0)
      image_size (~> 1.3)
      in_threads (~> 1.3)
      progress (~> 3.0, >= 3.0.1)
    image_size (1.4.2)
    in_threads (1.3.1)
    iniparse (1.4.2)
    json (1.8.3)
    kramdown (1.12.0)
    listen (3.0.8)
      rb-fsevent (~> 0.9, >= 0.9.4)
      rb-inotify (~> 0.9, >= 0.9.7)
    memoist (0.15.0)
    middleman (4.1.10)
      coffee-script (~> 2.2)
      compass-import-once (= 1.0.5)
      haml (>= 4.0.5)
      kramdown (~> 1.2)
      middleman-cli (= 4.1.10)
      middleman-core (= 4.1.10)
      sass (>= 3.4.0, < 4.0)
    middleman-autoprefixer (2.7.0)
      autoprefixer-rails (>= 6.3.1, < 7.0.0)
      middleman-core (>= 3.3.3)
    middleman-cli (4.1.10)
      thor (>= 0.17.0, < 2.0)
    middleman-core (4.1.10)
      activesupport (~> 4.2)
      addressable (~> 2.3)
      backports (~> 3.6)
      bundler (~> 1.1)
      contracts (~> 0.13.0)
      dotenv
      erubis
      execjs (~> 2.0)
      fast_blank
      fastimage (~> 2.0)
      hamster (~> 3.0)
      hashie (~> 3.4)
      i18n (~> 0.7.0)
      listen (~> 3.0.0)
      memoist (~> 0.14)
      padrino-helpers (~> 0.13.0)
      parallel
      rack (>= 1.4.5, < 2.0)
      sass (>= 3.4)
      servolux
      tilt (~> 1.4.1)
      uglifier (~> 3.0)
    middleman-deploy (2.0.0.pre.alpha)
      middleman-core (>= 3.2)
      net-sftp
      ptools
    middleman-livereload (3.4.6)
      em-websocket (~> 0.5.1)
      middleman-core (>= 3.3)
      rack-livereload (~> 0.3.15)
    middleman-search_engine_sitemap (1.4.0)
      builder
      middleman-core (~> 4.0)
    middleman-sprockets (4.0.0)
      middleman-core (~> 4.0)
      sprockets (>= 3.0)
    minitest (5.9.0)
    net-sftp (2.1.2)
      net-ssh (>= 2.6.5)
    net-ssh (3.2.0)
    overcommit (0.36.0)
      childprocess (~> 0.5.8)
      iniparse (~> 1.4)
    padrino-helpers (0.13.3.2)
      i18n (~> 0.6, >= 0.6.7)
      padrino-support (= 0.13.3.2)
      tilt (>= 1.4.1, < 3)
    padrino-support (0.13.3.2)
      activesupport (>= 3.1)
    parallel (1.12.1)
    progress (3.2.2)
    ptools (1.3.3)
    rack (1.6.4)
    rack-livereload (0.3.16)
      rack
    rainbow (2.2.2)
      rake
    rake (13.0.1)
    rb-fsevent (0.9.7)
    rb-inotify (0.9.7)
      ffi (>= 0.5.0)
    sass (3.4.22)
    sassc (1.10.0)
      bundler
      ffi (~> 1.9.6)
      sass (>= 3.3.0)
    scss-lint (0.38.0)
      rainbow (~> 2.0)
      sass (~> 3.4.1)
    servolux (0.12.0)
    slim (3.0.7)
      temple (~> 0.7.6)
      tilt (>= 1.3.3, < 2.1)
    sprockets (3.7.0)
      concurrent-ruby (~> 1.0)
      rack (> 1, < 3)
    temple (0.7.7)
    thor (0.19.1)
    thread_safe (0.3.5)
    tilt (1.4.1)
    tzinfo (1.2.2)
      thread_safe (~> 0.1)
    uglifier (3.0.2)
      execjs (>= 0.3.0, < 3)

PLATFORMS
  ruby

DEPENDENCIES
  bourbon
  image_optim
  middleman (~> 4.0)
  middleman-autoprefixer
  middleman-deploy (= 2.0.0.pre.alpha)
  middleman-livereload (~> 3.4)
  middleman-search_engine_sitemap
  middleman-sprockets (~> 4.0.0)
  overcommit
  sassc (~> 1.8)
  scss-lint
  slim

BUNDLED WITH
   1.16.2
